GIT
  remote: git://github.com/jeanmartin/paperclip.git
  revision: 4095e07adaace2a123cbd031fa268928f3b0ce87
  branch: master
  specs:
    paperclip (2.3.10)
      activerecord (>= 2.3.0)
      activesupport (>= 2.3.2)

GIT
  remote: git://github.com/jnicklas/capybara.git
  revision: c4db33a2dde43e8e6560e2519779580dd7777373
  specs:
    capybara (1.1.2)
      mime-types (>= 1.16)
      nokogiri (>= 1.3.3)
      rack (>= 1.0.0)
      rack-test (>= 0.5.4)
      selenium-webdriver (~> 2.0)
      xpath (~> 0.1.4)

GIT
  remote: git://github.com/tablatom/hobo.git
  revision: 029001f4eac7c069cd808e47d5efc8c3b6d1ecc0
  specs:
    dryml (1.4.0.pre7)
      actionpack (~> 3.1.0)
      hobo_support (= 1.4.0.pre7)
    hobo (1.4.0.pre7)
      dryml (= 1.4.0.pre7)
      hobo_fields (= 1.4.0.pre7)
      hobo_support (= 1.4.0.pre7)
      will_paginate (~> 3.0.0)
    hobo_clean (1.4.0.pre7)
      hobo (= 1.4.0.pre7)
    hobo_fields (1.4.0.pre7)
      hobo_support (= 1.4.0.pre7)
    hobo_jquery (1.4.0.pre7)
      hobo (= 1.4.0.pre7)
      jquery-rails (~> 1.0)
    hobo_jquery_ui (1.4.0.pre7)
      hobo (= 1.4.0.pre7)
      hobo_jquery (= 1.4.0.pre7)
      jquery-ui-themes (~> 0.0.4)
    hobo_rapid (1.4.0.pre7)
      hobo (= 1.4.0.pre7)
    hobo_support (1.4.0.pre7)
      rails (~> 3.1.0)

GIT
  remote: https://github.com/josephbridgwaterrowe/capybara-webkit.git
  revision: 824abe88c04c289bc560790b4335d7a45da65d2b
  branch: patch-1
  specs:
    capybara-webkit (0.10.1)
      capybara (>= 1.0.0, < 1.2)
      json

PATH
  remote: /work/hobo_simple_color
  specs:
    hobo_simple_color (0.0.2)
      hobo (~> 1.4.0.pre4)

PATH
  remote: /work/hobo_tokeninput
  specs:
    hobo_tokeninput (0.0.1)
      hobo (~> 1.4.0.pre5)

GEM
  remote: http://rubygems.org/
  specs:
    RedCloth (4.2.9)
    actionmailer (3.1.3)
      actionpack (= 3.1.3)
      mail (~> 2.3.0)
    actionpack (3.1.3)
      activemodel (= 3.1.3)
      activesupport (= 3.1.3)
      builder (~> 3.0.0)
      erubis (~> 2.7.0)
      i18n (~> 0.6)
      rack (~> 1.3.5)
      rack-cache (~> 1.1)
      rack-mount (~> 0.8.2)
      rack-test (~> 0.6.1)
      sprockets (~> 2.0.3)
    activemodel (3.1.3)
      activesupport (= 3.1.3)
      builder (~> 3.0.0)
      i18n (~> 0.6)
    activerecord (3.1.3)
      activemodel (= 3.1.3)
      activesupport (= 3.1.3)
      arel (~> 2.2.1)
      tzinfo (~> 0.3.29)
    activeresource (3.1.3)
      activemodel (= 3.1.3)
      activesupport (= 3.1.3)
    activesupport (3.1.3)
      multi_json (~> 1.0)
    addressable (2.2.8)
    archive-tar-minitar (0.5.2)
    arel (2.2.3)
    awesome_print (1.0.2)
    bluecloth (2.2.0)
    builder (3.0.0)
    childprocess (0.3.3)
      ffi (~> 1.0.6)
    coffee-rails (3.1.1)
      coffee-script (>= 2.2.0)
      railties (~> 3.1.0)
    coffee-script (2.2.0)
      coffee-script-source
      execjs
    coffee-script-source (1.2.0)
    columnize (0.3.6)
    database_cleaner (0.7.1)
    erubis (2.7.0)
    execjs (1.3.0)
      multi_json (~> 1.0)
    factory_girl (2.6.3)
      activesupport (>= 2.3.9)
    factory_girl_rails (1.7.0)
      factory_girl (~> 2.6.0)
      railties (>= 3.0.0)
    ffi (1.0.11)
    hike (1.2.1)
    i18n (0.6.0)
    jquery-rails (1.0.19)
      railties (~> 3.0)
      thor (~> 0.14)
    jquery-ui-themes (0.0.4)
    json (1.6.5)
    libwebsocket (0.1.3)
      addressable
    linecache19 (0.5.12)
      ruby_core_source (>= 0.1.4)
    mail (2.3.3)
      i18n (>= 0.4.0)
      mime-types (~> 1.16)
      treetop (~> 1.4.8)
    mime-types (1.19)
    multi_json (1.3.6)
    nokogiri (1.5.5)
    polyglot (0.3.3)
    rack (1.3.6)
    rack-cache (1.2)
      rack (>= 0.4)
    rack-mount (0.8.3)
      rack (>= 1.0.0)
    rack-ssl (1.3.2)
      rack
    rack-test (0.6.1)
      rack (>= 1.0)
    rails (3.1.3)
      actionmailer (= 3.1.3)
      actionpack (= 3.1.3)
      activerecord (= 3.1.3)
      activeresource (= 3.1.3)
      activesupport (= 3.1.3)
      bundler (~> 1.0)
      railties (= 3.1.3)
    rails-dev-tweaks (0.6.1)
      actionpack (~> 3.1)
      railties (~> 3.1)
    railties (3.1.3)
      actionpack (= 3.1.3)
      activesupport (= 3.1.3)
      rack-ssl (~> 1.3.2)
      rake (>= 0.8.7)
      rdoc (~> 3.4)
      thor (~> 0.14.6)
    rake (0.9.2.2)
    rdoc (3.12)
      json (~> 1.4)
    ruby-debug-base19 (0.11.25)
      columnize (>= 0.3.1)
      linecache19 (>= 0.5.11)
      ruby_core_source (>= 0.1.4)
    ruby-debug19 (0.11.6)
      columnize (>= 0.3.1)
      linecache19 (>= 0.5.11)
      ruby-debug-base19 (>= 0.11.19)
    ruby_core_source (0.1.5)
      archive-tar-minitar (>= 0.5.2)
    rubyzip (0.9.9)
    sass (3.1.15)
    sass-rails (3.1.5)
      actionpack (~> 3.1.0)
      railties (~> 3.1.0)
      sass (~> 3.1.10)
      tilt (~> 1.3.2)
    selenium-webdriver (2.24.0)
      childprocess (>= 0.2.5)
      libwebsocket (~> 0.1.3)
      multi_json (~> 1.0)
      rubyzip
    shoulda (3.0.1)
      shoulda-context (~> 1.0.0)
      shoulda-matchers (~> 1.0.0)
    shoulda-context (1.0.0)
    shoulda-matchers (1.0.0)
    sprockets (2.0.3)
      hike (~> 1.2)
      rack (~> 1.0)
      tilt (~> 1.1, != 1.3.0)
    sqlite3 (1.3.5)
    thor (0.14.6)
    tilt (1.3.3)
    treetop (1.4.10)
      polyglot
      polyglot (>= 0.3.1)
    tzinfo (0.3.32)
    uglifier (1.2.3)
      execjs (>= 0.3.0)
      multi_json (>= 1.0.2)
    will_paginate (3.0.3)
    xpath (0.1.4)
      nokogiri (~> 1.3)

PLATFORMS
  ruby

DEPENDENCIES
  RedCloth
  awesome_print
  bluecloth
  capybara!
  capybara-webkit!
  coffee-rails (~> 3.1.1)
  database_cleaner
  dryml!
  factory_girl_rails
  hobo!
  hobo_clean!
  hobo_fields!
  hobo_jquery!
  hobo_jquery_ui!
  hobo_rapid!
  hobo_simple_color!
  hobo_support!
  hobo_tokeninput!
  jquery-rails
  jquery-ui-themes (~> 0.0.4)
  paperclip!
  rails (= 3.1.3)
  rails-dev-tweaks
  ruby-debug19
  sass-rails (~> 3.1.5)
  shoulda
  sqlite3
  uglifier (>= 1.0.3)
